GEM
  remote: http://rubygems.org/
  specs:
    activemodel (3.2.11)
      activesupport (= 3.2.11)
      builder (~> 3.0.0)
    activesupport (3.2.11)
      i18n (~> 0.6)
      multi_json (~> 1.0)
    builder (3.0.4)
    i18n (0.6.1)
    mongoid (3.0.21)
      activemodel (~> 3.1)
      moped (~> 1.2)
      origin (~> 1.0)
      tzinfo (~> 0.3.22)
    moped (1.4.0)
    multi_json (1.5.0)
    origin (1.0.11)
    tzinfo (0.3.35)

PLATFORMS
  ruby

DEPENDENCIES
  mongoid (~> 3.0.21)
